GEM
  remote: http://rubygems.org/
  specs:
    jdbc-h2 (1.3.154)
    json (1.7.5-java)
    sequel (3.42.0)

PLATFORMS
  java

DEPENDENCIES
  jdbc-h2
  json
  sequel
